GEM
  remote: https://rubygems.org/
  specs:
    asciidoctor (2.0.18)

PLATFORMS
  ruby

DEPENDENCIES
  asciidoctor (~> 2.0, >= 2.0.18)
